PATH
  remote: .
  specs:
    cookbook-reader (0.1.1)

GEM
  remote: http://rubygems.org/
  specs:
    diff-lcs (1.2.5)
    fakefs (0.4.3)
    multi_json (1.9.0)
    rake (10.1.1)
    rspec (2.13.0)
      rspec-core (~> 2.13.0)
      rspec-expectations (~> 2.13.0)
      rspec-mocks (~> 2.13.0)
    rspec-core (2.13.1)
    rspec-expectations (2.13.0)
      diff-lcs (>= 1.1.3, < 2.0)
    rspec-mocks (2.13.1)
    simplecov (0.7.1)
      multi_json (~> 1.0)
      simplecov-html (~> 0.7.1)
    simplecov-html (0.7.1)
    timecop (0.6.3)

PLATFORMS
  ruby

DEPENDENCIES
  cookbook-reader!
  fakefs (~> 0.4.2)
  rake
  rspec
  simplecov (~> 0.7.1)
  timecop (~> 0.6.1)
